GEM
  remote: http://rubygems.org/
  specs:
    byebug (10.0.0)
    coderay (1.1.2)
    daemons (1.2.6)
    eventmachine (1.2.5)
    ffi (1.9.23)
    foreman (0.84.0)
      thor (~> 0.19.1)
    method_source (0.9.0)
    pry (0.11.3)
      coderay (~> 1.1.0)
      method_source (~> 0.9.0)
    pry-byebug (3.6.0)
      byebug (~> 10.0)
      pry (~> 0.10)
    rack (1.6.9)
    rack-protection (1.5.5)
      rack
    rb-fsevent (0.10.3)
    rb-inotify (0.9.10)
      ffi (>= 0.5.0, < 2)
    sass (3.5.5)
      sass-listen (~> 4.0.0)
    sass-listen (4.0.0)
      rb-fsevent (~> 0.9, >= 0.9.4)
      rb-inotify (~> 0.9, >= 0.9.7)
    shotgun (0.9.2)
      rack (>= 1.0)
    sinatra (1.4.8)
      rack (~> 1.5)
      rack-protection (~> 1.4)
      tilt (>= 1.3, < 3)
    thin (1.7.2)
      daemons (~> 1.0, >= 1.0.9)
      eventmachine (~> 1.0, >= 1.0.4)
      rack (>= 1, < 3)
    thor (0.19.4)
    tilt (2.0.8)

PLATFORMS
  ruby

DEPENDENCIES
  foreman
  pry-byebug
  sass (= 3.5.5)
  shotgun
  sinatra (= 1.4.8)
  thin

RUBY VERSION
   ruby 2.5.0p0

BUNDLED WITH
   1.16.1
